PATH
  remote: .
  specs:
    docx_anon (0.1.0)
      nokogiri (< 2)
      rubyzip (< 2)

GEM
  remote: https://rubygems.org/
  specs:
    coderay (1.1.2)
    diff-lcs (1.3)
    exiftool (1.2.1)
      json
    json (2.1.0)
    method_source (0.9.0)
    mini_portile2 (2.3.0)
    nokogiri (1.8.2)
      mini_portile2 (~> 2.3.0)
    pry (0.11.3)
      coderay (~> 1.1.0)
      method_source (~> 0.9.0)
    rake (10.5.0)
    rspec (3.7.0)
      rspec-core (~> 3.7.0)
      rspec-expectations (~> 3.7.0)
      rspec-mocks (~> 3.7.0)
    rspec-core (3.7.1)
      rspec-support (~> 3.7.0)
    rspec-expectations (3.7.0)
      diff-lcs (>= 1.2.0, < 2.0)
      rspec-support (~> 3.7.0)
    rspec-mocks (3.7.0)
      diff-lcs (>= 1.2.0, < 2.0)
      rspec-support (~> 3.7.0)
    rspec-support (3.7.1)
    rubyzip (1.2.1)

PLATFORMS
  ruby

DEPENDENCIES
  bundler (~> 1.16)
  docx_anon!
  exiftool (< 2)
  pry (~> 0.9)
  rake (~> 10.0)
  rspec (< 4)

BUNDLED WITH
   1.16.1
